GEM
  remote: https://rubygems.org/
  specs:
    bormashino (0.1.11)
      json_pure (~> 2.6, >= 2.6.1)
      os (~> 1.1, >= 1.1.4)
      ruby2_keywords (= 0.0.4)
      sinatra (~> 2.2)
    diff-lcs (1.5.0)
    json_pure (2.6.3)
    mustermann (2.0.2)
      ruby2_keywords (~> 0.0.1)
    os (1.1.4)
    rack (2.2.5)
    rack-protection (2.2.4)
      rack
    rspec (3.12.0)
      rspec-core (~> 3.12.0)
      rspec-expectations (~> 3.12.0)
      rspec-mocks (~> 3.12.0)
    rspec-core (3.12.0)
      rspec-support (~> 3.12.0)
    rspec-expectations (3.12.0)
      diff-lcs (>= 1.2.0, < 2.0)
      rspec-support (~> 3.12.0)
    rspec-mocks (3.12.0)
      diff-lcs (>= 1.2.0, < 2.0)
      rspec-support (~> 3.12.0)
    rspec-support (3.12.0)
    ruby2_keywords (0.0.4)
    sequel (5.62.0)
    sinatra (2.2.4)
      mustermann (~> 2.0)
      rack (~> 2.2)
      rack-protection (= 2.2.4)
      tilt (~> 2.0)
    tilt (2.0.11)

PLATFORMS
  x86_64-linux

DEPENDENCIES
  bormashino (~> 0.1.9)
  json_pure (~> 2.6, >= 2.6.1)
  rspec (~> 3.11)
  ruby2_keywords (= 0.0.4)
  sequel (~> 5.60)
  sinatra

BUNDLED WITH
   2.4.0.dev
