GEM
  remote: https://rubygems.org/
  specs:
    bormashino (0.1.9)
      json_pure (~> 2.6, >= 2.6.1)
      os (~> 1.1, >= 1.1.4)
      ruby2_keywords (= 0.0.4)
      sinatra (~> 2.2)
    diff-lcs (1.5.0)
    json_pure (2.6.2)
    mustermann (2.0.2)
      ruby2_keywords (~> 0.0.1)
    os (1.1.4)
    rack (2.2.4)
    rack-protection (2.2.2)
      rack
    rspec (3.11.0)
      rspec-core (~> 3.11.0)
      rspec-expectations (~> 3.11.0)
      rspec-mocks (~> 3.11.0)
    rspec-core (3.11.0)
      rspec-support (~> 3.11.0)
    rspec-expectations (3.11.1)
      diff-lcs (>= 1.2.0, < 2.0)
      rspec-support (~> 3.11.0)
    rspec-mocks (3.11.1)
      diff-lcs (>= 1.2.0, < 2.0)
      rspec-support (~> 3.11.0)
    rspec-support (3.11.1)
    ruby2_keywords (0.0.4)
    sequel (5.61.0)
    sinatra (2.2.2)
      mustermann (~> 2.0)
      rack (~> 2.2)
      rack-protection (= 2.2.2)
      tilt (~> 2.0)
    tilt (2.0.11)

PLATFORMS
  x86_64-linux

DEPENDENCIES
  bormashino (~> 0.1.7)
  json_pure (~> 2.6, >= 2.6.1)
  rspec (~> 3.11)
  ruby2_keywords (= 0.0.4)
  sequel (~> 5.60)
  sinatra

BUNDLED WITH
   2.4.0.dev
